GEM
  remote: https://rubygems.org/
  specs:
    minitest (5.14.3)

PLATFORMS
  ruby

DEPENDENCIES
  minitest

BUNDLED WITH
   2.2.1
